PATH
  remote: .
  specs:
    slanger (0.3.7)
      activesupport (~> 3.1)
      em-hiredis (~> 0.2.0)
      em-http-request (~> 0.3)
      em-websocket (~> 0.5.0)
      eventmachine (~> 1.0.0)
      glamazon (~> 0.3.1)
      rack (~> 1.4)
      rack-fiber_pool (~> 0.9.2)
      signature (~> 0.1.6)
      sinatra (~> 1.2.6)
      thin (~> 1.6.0)

GEM
  remote: https://rubygems.org/
  specs:
    activesupport (3.2.17)
      i18n (~> 0.6, >= 0.6.4)
      multi_json (~> 1.0)
    addressable (2.3.5)
    backports (3.6.0)
    crack (0.4.2)
      safe_yaml (~> 1.0.0)
    daemons (1.1.9)
    diff-lcs (1.1.3)
    em-hiredis (0.2.1)
      hiredis (~> 0.4.0)
    em-http-request (0.3.0)
      addressable (>= 2.0.0)
      escape_utils
      eventmachine (>= 0.12.9)
    em-websocket (0.5.0)
      eventmachine (>= 0.12.9)
      http_parser.rb (~> 0.5.3)
    escape_utils (1.0.1)
    eventmachine (1.0.3)
    eventmachine (1.0.3-java)
    glamazon (0.3.1)
      activesupport (>= 3.1.0)
      i18n (~> 0.6.0)
      yajl-ruby (>= 0.7.7)
    haml (3.1.8)
    hiredis (0.4.5)
    hiredis (0.4.5-java)
    http_parser.rb (0.5.3)
    http_parser.rb (0.5.3-java)
    i18n (0.6.9)
    metaclass (0.0.4)
    mocha (0.13.3)
      metaclass (~> 0.0.1)
    multi_json (1.8.4)
    pusher (0.11.3)
      multi_json (~> 1.0)
      signature (~> 0.1.6)
    rack (1.4.5)
    rack-fiber_pool (0.9.3)
    rake (10.1.1)
    rspec (2.12.0)
      rspec-core (~> 2.12.0)
      rspec-expectations (~> 2.12.0)
      rspec-mocks (~> 2.12.0)
    rspec-core (2.12.2)
    rspec-expectations (2.12.1)
      diff-lcs (~> 1.1.3)
    rspec-mocks (2.12.2)
    safe_yaml (1.0.1)
    signature (0.1.7)
    sinatra (1.2.9)
      backports
      rack (~> 1.1, < 1.5)
      tilt (>= 1.2.2, < 2.0)
    thin (1.6.2)
      daemons (>= 1.0.9)
      eventmachine (>= 1.0.0)
      rack (>= 1.0.0)
    tilt (1.4.1)
    timecop (0.3.5)
    webmock (1.8.11)
      addressable (>= 2.2.7)
      crack (>= 0.1.7)
    yajl-ruby (1.2.0)

PLATFORMS
  java
  ruby

DEPENDENCIES
  haml (~> 3.1.2)
  mocha (~> 0.13.2)
  pusher (~> 0.11.3)
  rake
  rspec (~> 2.12.0)
  slanger!
  timecop (~> 0.3.5)
  webmock (~> 1.8.7)
