PATH
  remote: .
  specs:
    slanger (0.2.3)
      activesupport (~> 3.1.0)
      bson_ext (~> 1.6.1)
      em-hiredis (~> 0.1.0)
      em-http-request (~> 0.3.0)
      em-mongo (~> 0.4.2)
      em-websocket (~> 0.3.5)
      eventmachine (~> 0.12.10)
      glamazon (~> 0.3.1)
      mongo (~> 1.6.1)
      rack (~> 1.3.3)
      rack-fiber_pool (= 0.9.1)
      signature (~> 0.1.3)
      sinatra (~> 1.2.6)
      thin (~> 1.2.11)

GEM
  remote: http://rubygems.org/
  specs:
    activesupport (3.1.4)
      multi_json (~> 1.0)
    addressable (2.2.8)
    bson (1.6.2)
    bson (1.6.2-java)
    bson_ext (1.6.2)
      bson (~> 1.6.2)
    crack (0.3.1)
    daemons (1.1.8)
    diff-lcs (1.1.3)
    em-hiredis (0.1.1)
      hiredis (~> 0.4.0)
    em-http-request (0.3.0)
      addressable (>= 2.0.0)
      escape_utils
      eventmachine (>= 0.12.9)
    em-mongo (0.4.2)
      bson (>= 1.1.3)
      eventmachine (>= 0.12.10)
    em-websocket (0.3.6)
      addressable (>= 2.1.1)
      eventmachine (>= 0.12.9)
    escape_utils (0.2.4)
    eventmachine (0.12.10)
    eventmachine (0.12.10-java)
    glamazon (0.3.1)
      activesupport (>= 3.1.0)
      i18n (~> 0.6.0)
      yajl-ruby (>= 0.7.7)
    haml (3.1.5)
    hiredis (0.4.5)
    hiredis (0.4.5-java)
    i18n (0.6.0)
    metaclass (0.0.1)
    mocha (0.12.1)
      metaclass (~> 0.0.1)
    mongo (1.6.2)
      bson (~> 1.6.2)
    multi_json (1.3.5)
    pusher (0.9.3)
      multi_json (~> 1.0)
      signature (~> 0.1.2)
    rack (1.3.6)
    rack-fiber_pool (0.9.1)
    rake (0.9.2.2)
    rspec (2.6.0)
      rspec-core (~> 2.6.0)
      rspec-expectations (~> 2.6.0)
      rspec-mocks (~> 2.6.0)
    rspec-core (2.6.4)
    rspec-expectations (2.6.0)
      diff-lcs (~> 1.1.2)
    rspec-mocks (2.6.0)
    signature (0.1.3)
    sinatra (1.2.8)
      rack (~> 1.1)
      tilt (>= 1.2.2, < 2.0)
    thin (1.2.11)
      daemons (>= 1.0.9)
      eventmachine (>= 0.12.6)
      rack (>= 1.0.0)
    tilt (1.3.3)
    timecop (0.3.5)
    webmock (1.8.8)
      addressable (~> 2.2.8)
      crack (>= 0.1.7)
    yajl-ruby (1.1.0)

PLATFORMS
  java
  ruby

DEPENDENCIES
  haml (~> 3.1.2)
  mocha (~> 0.12.0)
  pusher (~> 0.9.3)
  rake
  rspec (~> 2.6.0)
  slanger!
  timecop (~> 0.3.5)
  webmock (~> 1.8.7)
