PATH
  remote: .
  specs:
    slanger (0.6.0)
      activesupport
      em-hiredis
      em-http-request
      em-websocket
      eventmachine
      oj
      rack
      rack-fiber_pool
      signature
      sinatra
      thin

GEM
  remote: https://rubygems.org/
  specs:
    activesupport (6.0.2.2)
      concurrent-ruby (~> 1.0, >= 1.0.2)
      i18n (>= 0.7, < 2)
      minitest (~> 5.1)
      tzinfo (~> 1.1)
      zeitwerk (~> 2.2)
    addressable (2.7.0)
      public_suffix (>= 2.0.2, < 5.0)
    byebug (11.1.3)
    coderay (1.1.2)
    concurrent-ruby (1.1.6)
    cookiejar (0.3.3)
    crack (0.4.3)
      safe_yaml (~> 1.0.0)
    daemons (1.3.1)
    diff-lcs (1.3)
    em-hiredis (0.3.1)
      eventmachine (~> 1.0)
      hiredis (~> 0.6.0)
    em-http-request (1.1.5)
      addressable (>= 2.3.4)
      cookiejar (!= 0.3.1)
      em-socksify (>= 0.3)
      eventmachine (>= 1.0.3)
      http_parser.rb (>= 0.6.0)
    em-socksify (0.3.2)
      eventmachine (>= 1.0.0.beta.4)
    em-websocket (0.5.1)
      eventmachine (>= 0.12.9)
      http_parser.rb (~> 0.6.0)
    eventmachine (1.2.7)
    haml (5.1.2)
      temple (>= 0.8.0)
      tilt
    hashdiff (1.0.1)
    hiredis (0.6.3)
    http_parser.rb (0.6.0)
    httpclient (2.8.3)
    i18n (1.8.2)
      concurrent-ruby (~> 1.0)
    method_source (1.0.0)
    minitest (5.14.0)
    mocha (1.11.2)
    multi_json (1.14.1)
    mustermann (1.1.1)
      ruby2_keywords (~> 0.0.1)
    oj (3.10.6)
    pry (0.13.1)
      coderay (~> 1.1)
      method_source (~> 1.0)
    pry-byebug (3.9.0)
      byebug (~> 11.0)
      pry (~> 0.13.0)
    public_suffix (4.0.4)
    pusher (1.3.3)
      httpclient (~> 2.7)
      multi_json (~> 1.0)
      pusher-signature (~> 0.1.8)
    pusher-signature (0.1.8)
    rack (2.2.2)
    rack-fiber_pool (0.9.3)
    rack-protection (2.0.8.1)
      rack
    rake (13.0.1)
    rb-readline (0.5.5)
    rspec (3.6.0)
      rspec-core (~> 3.6.0)
      rspec-expectations (~> 3.6.0)
      rspec-mocks (~> 3.6.0)
    rspec-core (3.6.0)
      rspec-support (~> 3.6.0)
    rspec-expectations (3.6.0)
      diff-lcs (>= 1.2.0, < 2.0)
      rspec-support (~> 3.6.0)
    rspec-mocks (3.6.0)
      diff-lcs (>= 1.2.0, < 2.0)
      rspec-support (~> 3.6.0)
    rspec-support (3.6.0)
    ruby2_keywords (0.0.2)
    safe_yaml (1.0.5)
    signature (0.1.8)
    sinatra (2.0.8.1)
      mustermann (~> 1.0)
      rack (~> 2.0)
      rack-protection (= 2.0.8.1)
      tilt (~> 2.0)
    temple (0.8.2)
    thin (1.7.2)
      daemons (~> 1.0, >= 1.0.9)
      eventmachine (~> 1.0, >= 1.0.4)
      rack (>= 1, < 3)
    thread_safe (0.3.6)
    tilt (2.0.10)
    timecop (0.9.1)
    tzinfo (1.2.7)
      thread_safe (~> 0.1)
    webmock (3.8.3)
      addressable (>= 2.3.6)
      crack (>= 0.3.2)
      hashdiff (>= 0.4.0, < 2.0.0)
    zeitwerk (2.3.0)

PLATFORMS
  ruby

DEPENDENCIES
  bundler
  haml
  mocha
  pry
  pry-byebug
  pusher
  rake
  rb-readline
  rspec (~> 3.6.0)
  slanger!
  timecop
  webmock

BUNDLED WITH
   1.17.1
