PATH
  remote: .
  specs:
    slanger (0.3.7)
      activesupport (~> 4.0.1)
      em-hiredis (~> 0.2.1)
      em-http-request (~> 1.0.3)
      em-websocket (~> 0.5.0)
      eventmachine (~> 1.0.3)
      glamazon (~> 0.3.1)
      rack (~> 1.5.2)
      rack-fiber_pool (~> 0.9.3)
      signature (~> 0.1.7)
      sinatra (~> 1.4.4)
      thin (~> 1.6.1)

GEM
  remote: https://rubygems.org/
  specs:
    activesupport (4.0.1)
      i18n (~> 0.6, >= 0.6.4)
      minitest (~> 4.2)
      multi_json (~> 1.3)
      thread_safe (~> 0.1)
      tzinfo (~> 0.3.37)
    addressable (2.3.5)
    atomic (1.1.14)
    cookiejar (0.3.0)
    crack (0.4.1)
      safe_yaml (~> 0.9.0)
    daemons (1.1.9)
    diff-lcs (1.2.5)
    em-hiredis (0.2.1)
      hiredis (~> 0.4.0)
    em-http-request (1.0.3)
      addressable (>= 2.2.3)
      cookiejar
      em-socksify
      eventmachine (>= 1.0.0.beta.4)
      http_parser.rb (>= 0.5.3)
    em-socksify (0.3.0)
      eventmachine (>= 1.0.0.beta.4)
    em-websocket (0.5.0)
      eventmachine (>= 0.12.9)
      http_parser.rb (~> 0.5.3)
    eventmachine (1.0.3)
    glamazon (0.3.1)
      activesupport (>= 3.1.0)
      i18n (~> 0.6.0)
      yajl-ruby (>= 0.7.7)
    haml (4.0.4)
      tilt
    hiredis (0.4.5)
    http_parser.rb (0.5.3)
    httpclient (2.3.4.1)
    i18n (0.6.5)
    metaclass (0.0.1)
    minitest (4.7.5)
    mocha (0.14.0)
      metaclass (~> 0.0.1)
    multi_json (1.8.2)
    pusher (0.12.0)
      httpclient (~> 2.3.0)
      multi_json (~> 1.0)
      signature (~> 0.1.6)
    rack (1.5.2)
    rack-fiber_pool (0.9.3)
    rack-protection (1.5.1)
      rack
    rake (10.1.0)
    rspec (2.14.1)
      rspec-core (~> 2.14.0)
      rspec-expectations (~> 2.14.0)
      rspec-mocks (~> 2.14.0)
    rspec-core (2.14.7)
    rspec-expectations (2.14.4)
      diff-lcs (>= 1.1.3, < 2.0)
    rspec-mocks (2.14.4)
    safe_yaml (0.9.7)
    signature (0.1.7)
    sinatra (1.4.4)
      rack (~> 1.4)
      rack-protection (~> 1.4)
      tilt (~> 1.3, >= 1.3.4)
    thin (1.6.1)
      daemons (>= 1.0.9)
      eventmachine (>= 1.0.0)
      rack (>= 1.0.0)
    thread_safe (0.1.3)
      atomic
    tilt (1.4.1)
    timecop (0.7.0)
    tzinfo (0.3.38)
    webmock (1.16.0)
      addressable (>= 2.2.7)
      crack (>= 0.3.2)
    yajl-ruby (1.1.0)

PLATFORMS
  ruby

DEPENDENCIES
  haml (~> 4.0.4)
  mocha (~> 0.14.0)
  pusher (~> 0.12.0)
  rake
  rspec (~> 2.14.1)
  slanger!
  timecop (~> 0.7.0)
  webmock (~> 1.16.0)
